GEM
  remote: https://rubygems.org/
  specs:
    psych (2.0.0)
    rmagick (2.13.2)

PLATFORMS
  ruby

DEPENDENCIES
  psych
  rmagick
